GEM
  remote: http://rubygems.org/
  specs:
    dropbox-sdk (1.2)
      json
    id3 (0.5.0)
    json (1.6.5)
    mp3info (0.6.18)
    rack (1.4.1)
    rack-protection (1.2.0)
      rack
    rio (0.4.2)
    sinatra (1.3.2)
      rack (~> 1.3, >= 1.3.6)
      rack-protection (~> 1.2)
      tilt (~> 1.3, >= 1.3.3)
    tilt (1.3.3)

PLATFORMS
  ruby

DEPENDENCIES
  dropbox-sdk
  id3
  json
  mp3info
  rio
  sinatra
